GIT
  remote: git://github.com/rom-rb/rom-sql.git
  revision: 86800b5635c092fb102d95b046f42c7d4f2097c5
  specs:
    rom-sql (0.3.2)
      equalizer (~> 0.0, >= 0.0.9)
      rom (~> 0.6, >= 0.6.0)
      sequel (~> 4.18)

GIT
  remote: git://github.com/rom-rb/rom.git
  revision: 9114bc77179ae1af5035d6828de9b99a9cdecda6
  specs:
    rom (0.6.0)
      equalizer (~> 0.0, >= 0.0.9)
      transproc (~> 0.1)

GEM
  remote: https://rubygems.org/
  specs:
    activesupport (4.2.0)
      i18n (~> 0.7)
      json (~> 1.7, >= 1.7.7)
      minitest (~> 5.1)
      thread_safe (~> 0.3, >= 0.3.4)
      tzinfo (~> 1.1)
    axiom-types (0.1.1)
      descendants_tracker (~> 0.0.4)
      ice_nine (~> 0.11.0)
      thread_safe (~> 0.3, >= 0.3.1)
    coercible (1.0.0)
      descendants_tracker (~> 0.0.1)
    descendants_tracker (0.0.4)
      thread_safe (~> 0.3, >= 0.3.1)
    diff-lcs (1.2.5)
    equalizer (0.0.9)
    i18n (0.7.0)
    ice_nine (0.11.1)
    json (1.8.2)
    minitest (5.5.1)
    multi_json (1.10.1)
    oj (2.11.2)
    puma (2.11.0)
      rack (>= 1.1, < 2.0)
    rack (1.6.0)
    roda (1.3.0)
      rack
    roda-rest_api (1.3.1)
      roda (~> 1.2)
    rspec (3.1.0)
      rspec-core (~> 3.1.0)
      rspec-expectations (~> 3.1.0)
      rspec-mocks (~> 3.1.0)
    rspec-core (3.1.7)
      rspec-support (~> 3.1.0)
    rspec-expectations (3.1.2)
      diff-lcs (>= 1.2.0, < 2.0)
      rspec-support (~> 3.1.0)
    rspec-mocks (3.1.3)
      rspec-support (~> 3.1.0)
    rspec-support (3.1.2)
    sequel (4.19.0)
    slim (3.0.2)
      temple (~> 0.7.3)
      tilt (>= 1.3.3, < 2.1)
    sqlite3 (1.3.10)
    temple (0.7.5)
    thread_safe (0.3.4)
    tilt (2.0.1)
    transproc (0.1.0)
    tzinfo (1.2.2)
      thread_safe (~> 0.1)
    virtus (1.0.4)
      axiom-types (~> 0.1)
      coercible (~> 1.0)
      descendants_tracker (~> 0.0, >= 0.0.3)
      equalizer (~> 0.0, >= 0.0.9)

PLATFORMS
  ruby

DEPENDENCIES
  activesupport
  multi_json
  oj
  puma
  roda
  roda-rest_api
  rom!
  rom-sql!
  rspec
  slim
  sqlite3
  virtus
