GIT
  remote: git://github.com/rom-rb/rom-sql.git
  revision: 35f9f9c2a42eb52c639819a4ab83acc48a3f6061
  specs:
    rom-sql (0.3.2)
      equalizer (~> 0.0, >= 0.0.9)
      rom (~> 0.6, >= 0.6.0)
      sequel (~> 4.18)

GIT
  remote: git://github.com/rom-rb/rom.git
  revision: 2964177add1f8705d0e0cbdb88c38620700cf4a0
  specs:
    rom (0.6.0)
      equalizer (~> 0.0, >= 0.0.9)
      transproc (~> 0.1)

GEM
  remote: https://rubygems.org/
  specs:
    activesupport (4.2.0)
      i18n (~> 0.7)
      json (~> 1.7, >= 1.7.7)
      minitest (~> 5.1)
      thread_safe (~> 0.3, >= 0.3.4)
      tzinfo (~> 1.1)
    axiom-types (0.1.1)
      descendants_tracker (~> 0.0.4)
      ice_nine (~> 0.11.0)
      thread_safe (~> 0.3, >= 0.3.1)
    coercible (1.0.0)
      descendants_tracker (~> 0.0.1)
    daemons (1.1.9)
    descendants_tracker (0.0.4)
      thread_safe (~> 0.3, >= 0.3.1)
    diff-lcs (1.2.5)
    equalizer (0.0.9)
    eventmachine (1.0.4)
    i18n (0.7.0)
    ice_nine (0.11.1)
    json (1.8.2)
    minitest (5.5.1)
    pg (0.18.0)
    rack (1.6.0)
    rack-test (0.6.3)
      rack (>= 1.0)
    roda (1.3.0)
      rack
    roda-rest_api (1.3.1)
      roda (~> 1.2)
    rspec (3.1.0)
      rspec-core (~> 3.1.0)
      rspec-expectations (~> 3.1.0)
      rspec-mocks (~> 3.1.0)
    rspec-core (3.1.7)
      rspec-support (~> 3.1.0)
    rspec-expectations (3.1.2)
      diff-lcs (>= 1.2.0, < 2.0)
      rspec-support (~> 3.1.0)
    rspec-mocks (3.1.3)
      rspec-support (~> 3.1.0)
    rspec-support (3.1.2)
    sequel (4.19.0)
    sqlite3 (1.3.10)
    thin (1.6.3)
      daemons (~> 1.0, >= 1.0.9)
      eventmachine (~> 1.0)
      rack (~> 1.0)
    thread_safe (0.3.4)
    transproc (0.1.0)
    tzinfo (1.2.2)
      thread_safe (~> 0.1)
    virtus (1.0.4)
      axiom-types (~> 0.1)
      coercible (~> 1.0)
      descendants_tracker (~> 0.0, >= 0.0.3)
      equalizer (~> 0.0, >= 0.0.9)

PLATFORMS
  ruby

DEPENDENCIES
  activesupport
  pg
  rack-test
  roda
  roda-rest_api
  rom!
  rom-sql!
  rspec
  sqlite3
  thin
  virtus
